GEM
  remote: http://rubygems.org/
  specs:
    actionmailer (2.3.8)
      actionpack (= 2.3.8)
    actionpack (2.3.8)
      activesupport (= 2.3.8)
      rack (~> 1.1.0)
    activerecord (2.3.8)
      activesupport (= 2.3.8)
    activeresource (2.3.8)
      activesupport (= 2.3.8)
    activesupport (2.3.8)
    authlogic (2.1.6)
      activesupport
    authlogic-oid (1.0.4)
      authlogic
    builder (2.1.2)
    crack (0.1.8)
    cucumber (0.8.5)
      builder (~> 2.1.2)
      diff-lcs (~> 1.1.2)
      gherkin (~> 2.1.4)
      json_pure (~> 1.4.3)
      term-ansicolor (~> 1.0.4)
    curb (0.7.8)
    daemons (1.1.0)
    database_cleaner (0.5.2)
    datacatalog (0.4.17)
      activesupport (>= 2.3.8)
      httparty (>= 0.6.1)
      mash (>= 0.1.1)
      version_string (>= 0.1.0)
    delayed_job (2.0.3)
      daemons
    diff-lcs (1.1.2)
    faker (0.3.1)
    feedzirra (0.0.24)
      activesupport (>= 2.3.8)
      builder (>= 2.1.2)
      curb (>= 0.2.3)
      loofah (>= 0.3.1)
      nokogiri (> 0.0.0)
      sax-machine (>= 0.0.12)
    frequency (0.1.5)
    gherkin (2.1.5)
      trollop (~> 1.16.2)
    httparty (0.6.1)
      crack (= 0.1.8)
    json_pure (1.4.6)
    kronos (0.1.7)
    loofah (0.4.7)
      nokogiri (>= 1.3.3)
    mash (0.1.1)
    mysql (2.8.1)
    nokogiri (1.4.3.1)
    notahat-machinist (1.0.3)
    rack (1.1.0)
    rack-test (0.5.4)
      rack (>= 1.0)
    rails (2.3.8)
      actionmailer (= 2.3.8)
      actionpack (= 2.3.8)
      activerecord (= 2.3.8)
      activeresource (= 2.3.8)
      activesupport (= 2.3.8)
      rake (>= 0.8.3)
    rake (0.8.7)
    rdiscount (1.6.5)
    rr (1.0.0)
    rspec (1.3.0)
    rspec-rails (1.3.2)
      rack (>= 1.0.0)
      rspec (>= 1.3.0)
    ruby-openid (2.1.8)
    sax-machine (0.0.15)
      nokogiri (> 0.0.0)
    term-ansicolor (1.0.5)
    thoughtbot-shoulda (2.11.1)
    trollop (1.16.2)
    unindentable (0.0.3)
    version_string (0.1.0)
    webrat (0.7.1)
      nokogiri (>= 1.2.0)
      rack (>= 1.0)
      rack-test (>= 0.5.3)

PLATFORMS
  ruby

DEPENDENCIES
  authlogic (>= 2.1.1)
  authlogic-oid (>= 1.0.4)
  cucumber (>= 0.8.5)
  database_cleaner (>= 0.5.2)
  datacatalog (>= 0.4.14)
  delayed_job (>= 1.8.4)
  faker (>= 0.3.1)
  feedzirra (>= 0.0.20)
  frequency (>= 0.1.5)
  httparty (>= 0.5.2)
  kronos (>= 0.1.6)
  mysql
  nokogiri (>= 1.3.2)
  notahat-machinist (>= 1.0.3)
  rails (= 2.3.8)
  rdiscount (>= 1.3.5)
  rr (>= 0.10.0)
  rspec-rails (>= 1.2.0)
  ruby-openid (>= 2.1.7)
  thoughtbot-shoulda (>= 2.10.0)
  unindentable (>= 0.0.1)
  webrat (>= 0.4.5)
